GIT
  remote: https://github.com/cauchychoi/fantasyncaaf.git
  revision: e5f88b808a61f273e1b3eefc26b59c705cb479c5
  specs:
    espn_scraper (1.5.3)
      httparty
      nokogiri

GEM
  remote: https://rubygems.org/
  specs:
    dbi (0.4.5)
      deprecated (= 2.0.1)
    deprecated (2.0.1)
    httparty (0.21.0)
      mini_mime (>= 1.0.0)
      multi_xml (>= 0.5.2)
    mini_mime (1.1.2)
    mini_portile2 (2.6.1)
    minitest (5.6.1)
    multi_xml (0.6.0)
    mysql2 (0.5.2)
    mysql2 (0.5.2-x64-mingw32)
    nokogiri (1.12.4)
      mini_portile2 (~> 2.6.1)
      racc (~> 1.4)
    nokogiri (1.12.4-x64-mingw32)
      racc (~> 1.4)
    pg (1.0.0)
    pg (1.0.0-x64-mingw32)
    racc (1.5.2)
    rake (13.0.6)

PLATFORMS
  ruby
  x64-mingw32

DEPENDENCIES
  dbi
  espn_scraper (>= 1.5.3)!
  httparty
  minitest (~> 5.6.0)
  mysql2 (~> 0.5.2)
  nokogiri (>= 1.10.8)
  pg
  rake (>= 12.3.3)

RUBY VERSION
   ruby 2.5.6p201

BUNDLED WITH
   2.0.2
