GIT
  remote: https://github.com/cauchychoi/fantasyncaaf.git
  revision: 85b2099207192286d0346ce100dce8c73cb283cf
  specs:
    espn_scraper (1.5.7)
      httparty
      nokogiri

GEM
  remote: https://rubygems.org/
  specs:
    chronic (0.10.2)
    dbi (0.4.5)
      deprecated (= 2.0.1)
    deprecated (2.0.1)
    httparty (0.21.0)
      mini_mime (>= 1.0.0)
      multi_xml (>= 0.5.2)
    mini_mime (1.1.5)
    mini_portile2 (2.8.4)
    minitest (5.6.1)
    multi_xml (0.6.0)
    mysql2 (0.5.5)
    nokogiri (1.15.4)
      mini_portile2 (~> 2.8.2)
      racc (~> 1.4)
    nokogiri (1.15.4-x64-mingw32)
      racc (~> 1.4)
    pg (1.5.4)
    pg (1.5.4-x64-mingw32)
    racc (1.7.1)
    rake (13.0.6)
    whenever (1.0.0)
      chronic (>= 0.6.3)

PLATFORMS
  ruby
  x64-mingw32

DEPENDENCIES
  dbi
  espn_scraper (>= 1.5.7)!
  httparty
  minitest (~> 5.6.0)
  mysql2 (~> 0.5.2)
  nokogiri (>= 1.10.8)
  pg
  rake (>= 12.3.3)
  whenever

RUBY VERSION
   ruby 2.7.0p0

BUNDLED WITH
   2.4.19
