GEM
  remote: https://rubygems.org/
  specs:
    espn_scraper (1.5.1)
      httparty
      nokogiri
    httparty (0.16.0)
      multi_xml (>= 0.5.2)
    mini_portile2 (2.3.0)
    minitest (5.6.1)
    multi_xml (0.6.0)
    mysql2 (0.3.21-x64-mingw32)
    nokogiri (1.8.2-x64-mingw32)
      mini_portile2 (~> 2.3.0)
    pg (1.0.0-x64-mingw32)
    rake (10.4.2)

PLATFORMS
  x64-mingw32

DEPENDENCIES
  espn_scraper (>= 1.5.1)
  httparty
  minitest (~> 5.6.0)
  mysql2 (= 0.3.21)
  nokogiri
  pg
  rake (~> 10.4.2)

RUBY VERSION
   ruby 2.4.3p205

BUNDLED WITH
   1.16.1
